##TITLE=Parameter List
##JCAMPDX=4.24
##DATATYPE=Parameter Values
##ORIGIN=Bruker BioSpin MRI GmbH
##OWNER=julio
$$ Tue Apr 11 16:58:49 2017 MST (UT-7h)  julio
$$ /opt/PV51/data/julio/nmr/Lemon_final_2017_11_04.GW1/4/pdata/1/reco
##$RECO_mode=FT_MODE
##$RecoAutoDerive=Yes
##$RECO_inp_order=NO_REORDERING
##$RECO_inp_size=( 2 )
128 64
##$RECO_ft_size=( 2 )
128 128
##$RECO_fov=( 2 )
6 5
##$RECO_size=( 2 )
128 128
$$ @vis= RECO_mode RecoAutoDerive RECO_inp_order RECO_ft_size RECO_fov
##$RECO_offset=( 2, 1 )
0 0
##$RECO_regrid_mode=NO_REGRID
##$RECO_regrid_offset=0
##$RECO_ramp_gap=0
##$RECO_ramp_time=0
##$RECO_ne_mode=NO_NAV_DATA
##$RECO_ne_dist=NeNoInterleave
##$RECO_ne_dens=NeCorrPerScan
##$RECO_ne_type=NAV_PHASE
##$RECO_ne_vals=( 1, 2 )
0 0
##$RECO_bc_mode=( 2 )
NO_BC NO_BC
##$RECO_bc_start=( 2 )
96 48
##$RECO_bc_len=( 2 )
32 16
##$RECO_dc_offset=( 2 )
0 0
##$RECO_dc_divisor=1
##$RECO_bc_coroff=( 2 )
0 0
##$RECO_qopts=( 2 )
CONJ_AND_QNEG NO_QOPTS
##$RECO_wdw_mode=( 2 )
NO_WDW NO_WDW
$$ @vis= RECO_size RECO_regrid_mode RECO_ne_mode RECO_bc_mode RECO_qopts
##$RECO_lb=( 2 )
-0.5 -0.5
##$RECO_sw=( 2 )
50000 1
##$RECO_gb=( 2 )
0.5 0.5
##$RECO_sbs=( 2 )
1 1
##$RECO_tm1=( 2 )
0.25 0.25
##$RECO_tm2=( 2 )
0.75 0.75
##$RECO_ft_mode=( 2 )
COMPLEX_FFT COMPLEX_FFT
##$RECO_pc_mode=( 2 )
NO_PC NO_PC
##$RECO_pc_lin=( 2 )
(0, 0) (0, 0)
##$RECO_rotate=( 2, 1 )
0 0.546875
##$RECO_ppc_mode=NO_PPC
##$RECO_ref_image=0
##$RECO_nr_supports=0.4
##$RECO_sig_threshold=0.15
##$RECO_ppc_degree=1
##$RECO_ppc_coeffs=( 1, 2, 2 )
0 0 0 0
##$RECO_dc_elim=No
$$ @vis= RECO_wdw_mode RECO_ft_mode RECO_pc_mode RECO_rotate RECO_ppc_mode
##$RECO_transposition=( 1 )
0
##$RECO_image_type=MAGNITUDE_IMAGE
##$RECO_image_threshold=0.15
##$RECO_ir_scale=10
##$RECO_wordtype=_16BIT_SGN_INT
##$RECO_map_mode=ABSOLUTE_MAPPING
$$ @vis= RECO_dc_elim RECO_transposition RECO_image_type RECO_wordtype
##$RECO_map_range=( 2 )
-2147483647 2147483647
##$RECO_map_percentile=( 2 )
1 99.99
##$RECO_map_error=0.0025
##$RECO_globex=( 101 )
0 0 0 0 0 0 0 0 0 0 0 0 0 0 0 0 0 0 0 0 0 0 0 0 0 0 0 0 0 0 0 0 0 0 0 0 0 0 0 
0 0 0 0 0 0 0 0 0 0 0 0 0 0 0 0 0 0 0 0 0 0 0 0 0 0 0 0 0 0 0 0 0 0 0 0 0 0 0 
0 0 0 0 0 0 0 0 0 0 0 0 0 0 0 0 0 0 0 0 0 0 0
##$RECO_minima=( 101 )
0 0 0 0 0 0 0 0 0 0 0 0 0 0 0 0 0 0 0 0 0 0 0 0 0 0 0 0 0 0 0 0 0 0 0 0 0 0 0 
0 0 0 0 0 0 0 0 0 0 0 0 0 0 0 0 0 0 0 0 0 0 0 0 0 0 0 0 0 0 0 0 0 0 0 0 0 0 0 
0 0 0 0 0 0 0 0 0 0 0 0 0 0 0 0 0 0 0 0 0 0 0
##$RECO_maxima=( 101 )
32767 28778 28852 27934 27749 28498 28110 27968 27687 28295 27855 27878 27606 
27671 28453 28165 28463 27938 27606 27775 28167 27297 28096 27989 27553 27371 
27120 27436 27273 27454 26961 26957 26589 26529 26480 26700 25702 26152 25368 
25261 24863 24093 23688 22716 22332 20688 20197 18875 18872 17579 17116 16040 
16574 17683 18399 18683 19074 20393 20585 22278 22373 22814 23052 23558 24173 
23540 24415 24429 24513 24273 24726 24846 24745 24383 24610 24895 24620 24541 
24379 24668 24909 25171 25438 24977 25581 26036 26013 26743 25847 26203 26294 
26484 26695 27108 27112 27420 27359 27612 27788 28086 28869
##$RECO_map_min=( 101 )
-1295381 -1295381 -1295381 -1295381 -1295381 -1295381 -1295381 -1295381 
-1295381 -1295381 -1295381 -1295381 -1295381 -1295381 -1295381 -1295381 
-1295381 -1295381 -1295381 -1295381 -1295381 -1295381 -1295381 -1295381 
-1295381 -1295381 -1295381 -1295381 -1295381 -1295381 -1295381 -1295381 
-1295381 -1295381 -1295381 -1295381 -1295381 -1295381 -1295381 -1295381 
-1295381 -1295381 -1295381 -1295381 -1295381 -1295381 -1295381 -1295381 
-1295381 -1295381 -1295381 -1295381 -1295381 -1295381 -1295381 -1295381 
-1295381 -1295381 -1295381 -1295381 -1295381 -1295381 -1295381 -1295381 
-1295381 -1295381 -1295381 -1295381 -1295381 -1295381 -1295381 -1295381 
-1295381 -1295381 -1295381 -1295381 -1295381 -1295381 -1295381 -1295381 
-1295381 -1295381 -1295381 -1295381 -1295381 -1295381 -1295381 -1295381 
-1295381 -1295381 -1295381 -1295381 -1295381 -1295381 -1295381 -1295381 
-1295381 -1295381 -1295381 -1295381 -1295381
##$RECO_map_max=( 101 )
1295381 1295381 1295381 1295381 1295381 1295381 1295381 1295381 1295381 
1295381 1295381 1295381 1295381 1295381 1295381 1295381 1295381 1295381 
1295381 1295381 1295381 1295381 1295381 1295381 1295381 1295381 1295381 
1295381 1295381 1295381 1295381 1295381 1295381 1295381 1295381 1295381 
1295381 1295381 1295381 1295381 1295381 1295381 1295381 1295381 1295381 
1295381 1295381 1295381 1295381 1295381 1295381 1295381 1295381 1295381 
1295381 1295381 1295381 1295381 1295381 1295381 1295381 1295381 1295381 
1295381 1295381 1295381 1295381 1295381 1295381 1295381 1295381 1295381 
1295381 1295381 1295381 1295381 1295381 1295381 1295381 1295381 1295381 
1295381 1295381 1295381 1295381 1295381 1295381 1295381 1295381 1295381 
1295381 1295381 1295381 1295381 1295381 1295381 1295381 1295381 1295381 
1295381 1295381
$$ @vis= RECO_map_mode RECO_globex RECO_minima RECO_maxima RECO_map_min
##$RECO_map_offset=( 101 )
0 0 0 0 0 0 0 0 0 0 0 0 0 0 0 0 0 0 0 0 0 0 0 0 0 0 0 0 0 0 0 0 0 0 0 0 0 0 0 
0 0 0 0 0 0 0 0 0 0 0 0 0 0 0 0 0 0 0 0 0 0 0 0 0 0 0 0 0 0 0 0 0 0 0 0 0 0 0 
0 0 0 0 0 0 0 0 0 0 0 0 0 0 0 0 0 0 0 0 0 0 0
##$RECO_map_slope=( 101 )
0.0252952612936497 0.0252952612936497 0.0252952612936497 0.0252952612936497 
0.0252952612936497 0.0252952612936497 0.0252952612936497 0.0252952612936497 
0.0252952612936497 0.0252952612936497 0.0252952612936497 0.0252952612936497 
0.0252952612936497 0.0252952612936497 0.0252952612936497 0.0252952612936497 
0.0252952612936497 0.0252952612936497 0.0252952612936497 0.0252952612936497 
0.0252952612936497 0.0252952612936497 0.0252952612936497 0.0252952612936497 
0.0252952612936497 0.0252952612936497 0.0252952612936497 0.0252952612936497 
0.0252952612936497 0.0252952612936497 0.0252952612936497 0.0252952612936497 
0.0252952612936497 0.0252952612936497 0.0252952612936497 0.0252952612936497 
0.0252952612936497 0.0252952612936497 0.0252952612936497 0.0252952612936497 
0.0252952612936497 0.0252952612936497 0.0252952612936497 0.0252952612936497 
0.0252952612936497 0.0252952612936497 0.0252952612936497 0.0252952612936497 
0.0252952612936497 0.0252952612936497 0.0252952612936497 0.0252952612936497 
0.0252952612936497 0.0252952612936497 0.0252952612936497 0.0252952612936497 
0.0252952612936497 0.0252952612936497 0.0252952612936497 0.0252952612936497 
0.0252952612936497 0.0252952612936497 0.0252952612936497 0.0252952612936497 
0.0252952612936497 0.0252952612936497 0.0252952612936497 0.0252952612936497 
0.0252952612936497 0.0252952612936497 0.0252952612936497 0.0252952612936497 
0.0252952612936497 0.0252952612936497 0.0252952612936497 0.0252952612936497 
0.0252952612936497 0.0252952612936497 0.0252952612936497 0.0252952612936497 
0.0252952612936497 0.0252952612936497 0.0252952612936497 0.0252952612936497 
0.0252952612936497 0.0252952612936497 0.0252952612936497 0.0252952612936497 
0.0252952612936497 0.0252952612936497 0.0252952612936497 0.0252952612936497 
0.0252952612936497 0.0252952612936497 0.0252952612936497 0.0252952612936497 
0.0252952612936497 0.0252952612936497 0.0252952612936497 0.0252952612936497 
0.0252952612936497
##$RECO_byte_order=littleEndian
##$RECO_time=( 24 )
<16:52:52 11 Apr 2017>
##$RECO_abs_time=1491954772
$$ @vis= RECO_map_max RECO_map_offset RECO_map_slope RECO_byte_order RECO_time
##$RECO_base_image_uid=( 65 )
<2.16.756.5.5.100.4167689927.5358.1491955129.114>
##$GS_reco_display=Yes
$$ @vis= RECO_abs_time RECO_base_image_uid RecoRegridNGroup GS_reco_display
##$GO_reco_display=Yes
##$GO_reco_each_nr=No
##$GO_max_reco_mem=0
$$ @vis= RECO_GS GO_reco_display GO_reco_each_nr GO_max_reco_mem RECO_GO RECO
##END=
